GEM
  remote: http://rubygems.org/
  specs:
    activemodel (3.1.1)
      activesupport (= 3.1.1)
      builder (~> 3.0.0)
      i18n (~> 0.6)
    activerecord (3.1.1)
      activemodel (= 3.1.1)
      activesupport (= 3.1.1)
      arel (~> 2.2.1)
      tzinfo (~> 0.3.29)
    activesupport (3.1.1)
      multi_json (~> 1.0)
    addressable (2.2.6)
    arel (2.2.1)
    builder (3.0.0)
    clint (0.2.7)
    coderay (0.9.8)
    faraday (0.7.5)
      addressable (~> 2.2.6)
      multipart-post (~> 1.1.3)
      rack (>= 1.1.0, < 2)
    github_api (0.2.0)
      faraday (~> 0.7.4)
      hashie (~> 1.1.0)
      multi_json (~> 1.0.3)
      oauth2 (~> 0.5.0)
    hashie (1.1.0)
    hoe (2.12.3)
      rake (~> 0.8)
    i18n (0.6.0)
    json (1.6.1)
    jsonpretty (1.1.0)
    method_source (0.6.7)
      ruby_parser (>= 2.3.1)
    mpapis-bundler (1.0.21)
      rubygems-bundler (>= 0.2.7)
    multi_json (1.0.3)
    multipart-post (1.1.3)
    notes (0.0.2)
      rainbow (>= 1.1)
      rak (>= 1.0)
    oauth2 (0.5.1)
      faraday (~> 0.7.4)
      multi_json (~> 1.0.3)
    pg (0.11.0)
    pry (0.9.7.1)
      coderay (~> 0.9.8)
      method_source (~> 0.6.7)
      ruby_parser (>= 2.3.1)
      slop (~> 2.1.0)
    rack (1.3.5)
    rainbow (1.1.1)
    rak (1.0)
    rake (0.9.2)
    ruby_parser (2.3.1)
      sexp_processor (~> 3.0)
    rubygems-bundler (0.2.7)
    sexp_processor (3.0.7)
    slop (2.1.0)
    standalone_migrations (1.0.1)
      activerecord (>= 3)
      rake
    tzinfo (0.3.30)

PLATFORMS
  ruby

DEPENDENCIES
  activerecord
  clint
  github_api (= 0.2.0)
  hoe
  json
  jsonpretty
  mpapis-bundler
  notes
  pg
  pry
  rake (= 0.9.2)
  standalone_migrations
