GEM
  remote: http://rubygems.org/
  specs:
    activemodel (3.1.1)
      activesupport (= 3.1.1)
      builder (~> 3.0.0)
      i18n (~> 0.6)
    activerecord (3.1.1)
      activemodel (= 3.1.1)
      activesupport (= 3.1.1)
      arel (~> 2.2.1)
      tzinfo (~> 0.3.29)
    activesupport (3.1.1)
      multi_json (~> 1.0)
    arel (2.2.1)
    builder (3.0.0)
    clint (0.2.7)
    hoe (2.12.3)
      rake (~> 0.8)
    i18n (0.6.0)
    multi_json (1.0.3)
    notes (0.0.2)
      rainbow (>= 1.1)
      rak (>= 1.0)
    pg (0.11.0)
    rainbow (1.1.1)
    rak (1.0)
    rake (0.9.2)
    standalone_migrations (1.0.1)
      activerecord (>= 3)
      rake
    tzinfo (0.3.30)

PLATFORMS
  ruby

DEPENDENCIES
  activerecord
  clint
  hoe
  notes
  pg
  rake (= 0.9.2)
  standalone_migrations
