GEM
  remote: http://rubygems.org/
  specs:
    dtf (0.1.3)
      session (~> 3.0)
    fattr (2.2.1)
    session (3.1.0)
      fattr

PLATFORMS
  ruby

DEPENDENCIES
  dtf
